GEM
  remote: http://rubygems.org/
  specs:
    json (1.5.1)
    kgio (2.4.1)
    rack (1.3.0)
    rake (0.9.2)
    redis (2.2.1)
    redis-namespace (1.0.3)
      redis (< 3.0.0)
    resque (1.17.1)
      json (>= 1.4.6, < 1.6)
      redis-namespace (~> 1.0.2)
      sinatra (>= 0.9.2)
      vegas (~> 0.1.2)
    shotgun (0.9)
      rack (>= 1.0)
    sinatra (1.2.6)
      rack (~> 1.1)
      tilt (>= 1.2.2, < 2.0)
    tilt (1.3.2)
    unicorn (3.7.0)
      kgio (~> 2.3)
      rack
    vegas (0.1.8)
      rack (>= 1.0.0)

PLATFORMS
  ruby

DEPENDENCIES
  rake (~> 0.9.0)
  resque (~> 1.17.1)
  shotgun (~> 0.9)
  sinatra (~> 1.2.6)
  unicorn (~> 3.7.0)
