GEM
  remote: http://rubygems.org/
  specs:
    capistrano (2.6.0)
      highline
      net-scp (>= 1.0.0)
      net-sftp (>= 2.0.0)
      net-ssh (>= 2.0.14)
      net-ssh-gateway (>= 1.1.0)
    erubis (2.7.0)
    highline (1.6.2)
    json (1.5.1)
    mixlib-cli (1.2.0)
    mixlib-config (1.1.2)
    mixlib-log (1.3.0)
    net-scp (1.0.4)
      net-ssh (>= 1.99.1)
    net-sftp (2.0.5)
      net-ssh (>= 2.0.9)
    net-ssh (2.1.4)
    net-ssh-gateway (1.1.0)
      net-ssh (>= 1.99.1)
    ohai (0.6.4)
      mixlib-cli
      mixlib-config
      mixlib-log
      systemu
      yajl-ruby
    rack (1.3.0)
    rake (0.9.2)
    redis (2.2.1)
    redis-namespace (1.0.3)
      redis (< 3.0.0)
    resque (1.17.1)
      json (< 1.6, >= 1.4.6)
      redis-namespace (~> 1.0.2)
      sinatra (>= 0.9.2)
      vegas (~> 0.1.2)
    shotgun (0.9)
      rack (>= 1.0)
    sinatra (1.2.6)
      rack (~> 1.1)
      tilt (< 2.0, >= 1.2.2)
    systemu (2.2.0)
    tilt (1.3.2)
    vegas (0.1.8)
      rack (>= 1.0.0)
    yajl-ruby (0.8.2)

PLATFORMS
  ruby

DEPENDENCIES
  capistrano
  erubis (~> 2.7.0)
  ohai (~> 0.6.4)
  rake (~> 0.9.0)
  resque (~> 1.17.1)
  shotgun (~> 0.9)
  sinatra (~> 1.2.6)
