GEM
  remote: http://rubygems.org/
  specs:
    activesupport (3.0.9)
    erubis (2.7.0)
    i18n (0.6.0)
    json (1.5.1)
    mail (2.2.19)
      activesupport (>= 2.3.6)
      i18n (>= 0.4.0)
      mime-types (~> 1.16)
      treetop (~> 1.4.8)
    mime-types (1.16)
    mixlib-cli (1.2.0)
    mixlib-config (1.1.2)
    mixlib-log (1.3.0)
    ohai (0.6.4)
      mixlib-cli
      mixlib-config
      mixlib-log
      systemu
      yajl-ruby
    polyglot (0.3.1)
    rack (1.3.0)
    rake (0.9.2)
    redis (2.2.1)
    redis-namespace (1.0.3)
      redis (< 3.0.0)
    resque (1.17.1)
      json (< 1.6, >= 1.4.6)
      redis-namespace (~> 1.0.2)
      sinatra (>= 0.9.2)
      vegas (~> 0.1.2)
    shotgun (0.9)
      rack (>= 1.0)
    sinatra (1.2.6)
      rack (~> 1.1)
      tilt (< 2.0, >= 1.2.2)
    systemu (2.2.0)
    tilt (1.3.2)
    treetop (1.4.9)
      polyglot (>= 0.3.1)
    vegas (0.1.8)
      rack (>= 1.0.0)
    yajl-ruby (0.8.2)

PLATFORMS
  ruby

DEPENDENCIES
  erubis (~> 2.7.0)
  mail (~> 2.2.18)
  ohai (~> 0.6.4)
  rake (~> 0.9.0)
  resque (~> 1.17.1)
  shotgun (~> 0.9)
  sinatra (~> 1.2.6)
